GEM
  remote: https://rubygems.org/
  specs:
    socksify (1.7.1)

PLATFORMS
  ruby

DEPENDENCIES
  socksify

BUNDLED WITH
   2.0.1
